GIT
  remote: git://github.com/livingsocial/rake-pipeline.git
  revision: f71caeb1406dafd6af5ab8453db8c5ac53947c92
  specs:
    rake-pipeline (0.6.0)
      rake (~> 0.9.0)
      thor

GIT
  remote: git://github.com/wycats/rake-pipeline-web-filters.git
  revision: 7b4b1f1c09bcef3b323c7e513e8033b426fd726a
  specs:
    rake-pipeline-web-filters (0.6.0)
      rack
      rake-pipeline (~> 0.6)

GEM
  remote: http://rubygems.org/
  specs:
    chunky_png (1.2.5)
    compass (0.11.7)
      chunky_png (~> 1.2)
      fssm (>= 0.2.7)
      sass (~> 3.1)
    fssm (0.2.8.1)
    rack (1.4.1)
    rack-protection (1.2.0)
      rack
    rake (0.9.2.2)
    sass (3.1.15)
    sinatra (1.3.2)
      rack (~> 1.3, >= 1.3.6)
      rack-protection (~> 1.2)
      tilt (~> 1.3, >= 1.3.3)
    thor (0.14.6)
    tilt (1.3.3)

PLATFORMS
  ruby

DEPENDENCIES
  compass
  rake-pipeline!
  rake-pipeline-web-filters!
  sass
  sinatra
